GEM
  remote: http://rubygems.org/
  specs:
    actionmailer (2.3.14)
      actionpack (= 2.3.14)
    actionpack (2.3.14)
      activesupport (= 2.3.14)
      rack (~> 1.1.0)
    activerecord (2.3.14)
      activesupport (= 2.3.14)
    activeresource (2.3.14)
      activesupport (= 2.3.14)
    activesupport (2.3.14)
    facter (1.6.5)
    libxml-ruby (2.2.2)
    nokogiri (1.5.0)
    rack (1.1.3)
    rails (2.3.14)
      actionmailer (= 2.3.14)
      actionpack (= 2.3.14)
      activerecord (= 2.3.14)
      activeresource (= 2.3.14)
      activesupport (= 2.3.14)
      rake (>= 0.8.3)
    rake (0.9.2)
    searchlogic (2.5.8)
      activerecord (~> 2.3.12)
      activerecord (~> 2.3.12)
    sqlite3 (1.3.5)
    will_paginate (2.3.16)

PLATFORMS
  ruby

DEPENDENCIES
  facter
  libxml-ruby
  nokogiri
  rails (= 2.3.14)
  searchlogic
  sqlite3
  will_paginate (~> 2.3.15)
